GEM
  remote: https://rubygems.org/
  specs:
    nokogiri (1.5.5)

PLATFORMS
  ruby

DEPENDENCIES
  bundler
  nokogiri
